PATH
  remote: .
  specs:
    rbdcm-api (0.0.1)

GEM
  remote: https://rubygems.org/
  specs:
    coderay (1.1.0)
    coveralls (0.7.0)
      multi_json (~> 1.3)
      rest-client
      simplecov (>= 0.7)
      term-ansicolor
      thor
    diff-lcs (1.2.5)
    docile (1.1.3)
    ffi (1.9.3-java)
    method_source (0.8.2)
    mime-types (2.3)
    multi_json (1.10.1)
    pry (0.9.12.6-java)
      coderay (~> 1.0)
      method_source (~> 0.8)
      slop (~> 3.4)
      spoon (~> 0.0)
    rake (10.1.1)
    rest-client (1.6.7)
      mime-types (>= 1.16)
    rspec (3.0.0)
      rspec-core (~> 3.0.0)
      rspec-expectations (~> 3.0.0)
      rspec-mocks (~> 3.0.0)
    rspec-core (3.0.0)
      rspec-support (~> 3.0.0)
    rspec-expectations (3.0.0)
      diff-lcs (>= 1.2.0, < 2.0)
      rspec-support (~> 3.0.0)
    rspec-mocks (3.0.0)
      rspec-support (~> 3.0.0)
    rspec-support (3.0.0)
    simplecov (0.8.2)
      docile (~> 1.1.0)
      multi_json
      simplecov-html (~> 0.8.0)
    simplecov-html (0.8.0)
    slop (3.5.0)
    spoon (0.0.4)
      ffi
    term-ansicolor (1.3.0)
      tins (~> 1.0)
    thor (0.19.1)
    timecop (0.7.1)
    tins (1.3.0)

PLATFORMS
  java

DEPENDENCIES
  bundler (~> 1.3)
  coveralls (= 0.7.0)
  pry (= 0.9.12.6)
  rake (~> 10.1.0)
  rbdcm-api!
  rspec (= 3.0.0)
  simplecov (= 0.8.2)
  timecop (~> 0.7.1)
